GIT
  remote: git://github.com/konalegi/endive.git
  revision: 6138f34ecc669bd69dc270091fc9ce9d846d8258
  specs:
    endive (0.0.1)
      jbuilder
      minitest
      mustermann
      reel

GEM
  remote: https://rubygems.org/
  specs:
    activesupport (4.2.1)
      i18n (~> 0.7)
      json (~> 1.7, >= 1.7.7)
      minitest (~> 5.1)
      thread_safe (~> 0.3, >= 0.3.4)
      tzinfo (~> 1.1)
    addressable (2.3.8)
    capistrano (3.4.0)
      i18n
      rake (>= 10.0.0)
      sshkit (~> 1.3)
    capistrano-bundler (1.1.4)
      capistrano (~> 3.1)
      sshkit (~> 1.2)
    celluloid (0.16.0)
      timers (~> 4.0.0)
    celluloid-io (0.16.2)
      celluloid (>= 0.16.0)
      nio4r (>= 1.1.0)
    colorize (0.7.7)
    domain_name (0.5.24)
      unf (>= 0.0.5, < 1.0.0)
    eye (0.7.pre)
      celluloid (~> 0.16.0)
      celluloid-io (~> 0.16.0)
      sigar (~> 0.7.2)
      state_machine
      thor
    hitimes (1.2.2)
    http (0.8.10)
      addressable (~> 2.3)
      http-cookie (~> 1.0)
      http-form_data (~> 1.0.1)
      http_parser.rb (~> 0.6.0)
    http-cookie (1.0.2)
      domain_name (~> 0.5)
    http-form_data (1.0.1)
    http_parser.rb (0.6.0)
    i18n (0.7.0)
    jbuilder (2.2.16)
      activesupport (>= 3.0.0, < 5)
      multi_json (~> 1.2)
    json (1.8.2)
    minitest (5.6.1)
    multi_json (1.11.0)
    mustermann (0.4.0)
      tool (~> 0.2)
    net-scp (1.2.1)
      net-ssh (>= 2.6.5)
    net-ssh (2.9.2)
    nio4r (1.1.0)
    pg (0.18.1)
    rake (10.4.2)
    reel (0.5.0)
      celluloid (>= 0.15.1)
      celluloid-io (>= 0.15.0)
      http (>= 0.6.0.pre)
      http_parser.rb (>= 0.6.0)
      websocket_parser (>= 0.1.6)
    ruby-prof (0.15.8)
    rvm1-capistrano3 (1.3.2.2)
      capistrano (~> 3.0)
      sshkit (>= 1.2)
    sequel (4.22.0)
    sigar (0.7.3)
    sshkit (1.7.1)
      colorize (>= 0.7.0)
      net-scp (>= 1.1.2)
      net-ssh (>= 2.8.0)
    state_machine (1.2.0)
    thor (0.19.1)
    thread_safe (0.3.5)
    timers (4.0.1)
      hitimes
    tool (0.2.3)
    tzinfo (1.2.2)
      thread_safe (~> 0.1)
    unf (0.1.4)
      unf_ext
    unf_ext (0.0.7.1)
    websocket_parser (1.0.0)

PLATFORMS
  ruby

DEPENDENCIES
  capistrano
  capistrano-bundler
  endive!
  eye (= 0.7pre)
  minitest
  pg
  rake
  reel
  ruby-prof
  rvm1-capistrano3
  sequel
